GEM
  remote: https://rubygems.org/
  specs:
    activemodel (7.1.3)
      activesupport (= 7.1.3)
    activesupport (7.1.3)
      base64
      bigdecimal
      concurrent-ruby (~> 1.0, >= 1.0.2)
      connection_pool (>= 2.2.5)
      drb
      i18n (>= 1.6, < 2)
      minitest (>= 5.1)
      mutex_m
      tzinfo (~> 2.0)
    base64 (0.2.0)
    bigdecimal (3.1.6)
    concurrent-ruby (1.2.3)
    connection_pool (2.4.1)
    drb (2.2.0)
      ruby2_keywords
    hashie (5.0.0)
    highline (3.0.1)
    i18n (1.14.1)
      concurrent-ruby (~> 1.0)
    minitest (5.21.2)
    mutex_m (0.2.0)
    net-scp (4.0.0)
      net-ssh (>= 2.6.5, < 8.0.0)
    net-ssh (7.2.1)
    net-telnet (0.2.0)
    plist (3.7.1)
    rainbow (3.1.1)
    ruby2_keywords (0.0.5)
    serverkit (0.9.0)
      activemodel
      activesupport (>= 5.0.0)
      bundler
      hashie
      highline
      rainbow
      slop (~> 3.4)
      specinfra (>= 2.31.0)
      unix-crypt
    serverkit-defaults (0.0.3)
      plist
      serverkit
    serverkit-homebrew (0.0.6)
      serverkit
    serverkit-rbenv (0.3.3)
      serverkit (>= 0.6.2)
      specinfra (>= 2.31.1)
    serverkit-vscode (0.1.1)
      serverkit
    sfl (2.3)
    slop (3.6.0)
    specinfra (2.87.2)
      net-scp
      net-ssh (>= 2.7)
      net-telnet
      sfl
    tzinfo (2.0.6)
      concurrent-ruby (~> 1.0)
    unix-crypt (1.3.1)

PLATFORMS
  arm64-darwin-21
  arm64-darwin-22
  x86_64-darwin-21
  x86_64-linux

DEPENDENCIES
  serverkit
  serverkit-defaults
  serverkit-homebrew
  serverkit-rbenv
  serverkit-vscode

BUNDLED WITH
   2.3.26
