GEM
  remote: https://rubygems.org/
  specs:
    activemodel (4.2.10)
      activesupport (= 4.2.10)
      builder (~> 3.1)
    activesupport (4.2.10)
      i18n (~> 0.7)
      minitest (~> 5.1)
      thread_safe (~> 0.3, >= 0.3.4)
      tzinfo (~> 1.1)
    builder (3.2.3)
    concurrent-ruby (1.0.5)
    hashie (3.5.7)
    highline (2.0.0)
    i18n (0.9.5)
      concurrent-ruby (~> 1.0)
    minitest (5.11.3)
    net-scp (1.2.1)
      net-ssh (>= 2.6.5)
    net-ssh (4.2.0)
    net-telnet (0.1.1)
    rainbow (3.0.0)
    serverkit (0.6.9)
      activemodel
      activesupport (< 5.0.0)
      bundler
      hashie
      highline
      rainbow
      slop (~> 3.4)
      specinfra (>= 2.31.0)
      unix-crypt
    serverkit-atom (0.0.1)
      serverkit
    serverkit-homebrew (0.0.5)
      serverkit
    serverkit-rbenv (0.3.3)
      serverkit (>= 0.6.2)
      specinfra (>= 2.31.1)
    sfl (2.3)
    slop (3.6.0)
    specinfra (2.73.3)
      net-scp
      net-ssh (>= 2.7, < 5.0)
      net-telnet
      sfl
    thread_safe (0.3.6)
    tzinfo (1.2.5)
      thread_safe (~> 0.1)
    unix-crypt (1.3.0)

PLATFORMS
  ruby

DEPENDENCIES
  serverkit
  serverkit-atom
  serverkit-homebrew
  serverkit-rbenv

BUNDLED WITH
   1.16.1
