GEM
  remote: https://rubygems.org/
  specs:
    activemodel (6.1.4.1)
      activesupport (= 6.1.4.1)
    activesupport (6.1.4.1)
      concurrent-ruby (~> 1.0, >= 1.0.2)
      i18n (>= 1.6, < 2)
      minitest (>= 5.1)
      tzinfo (~> 2.0)
      zeitwerk (~> 2.3)
    concurrent-ruby (1.1.9)
    hashie (4.1.0)
    highline (2.0.3)
    i18n (1.8.10)
      concurrent-ruby (~> 1.0)
    minitest (5.14.4)
    net-scp (3.0.0)
      net-ssh (>= 2.6.5, < 7.0.0)
    net-ssh (6.1.0)
    net-telnet (0.1.1)
    plist (3.6.0)
    rainbow (3.0.0)
    serverkit (0.7.0)
      activemodel
      activesupport (>= 5.0.0)
      bundler
      hashie
      highline
      rainbow
      slop (~> 3.4)
      specinfra (>= 2.31.0)
      unix-crypt
    serverkit-atom (0.0.1)
      serverkit
    serverkit-defaults (0.0.3)
      plist
      serverkit
    serverkit-homebrew (0.0.6)
      serverkit
    serverkit-rbenv (0.3.3)
      serverkit (>= 0.6.2)
      specinfra (>= 2.31.1)
    serverkit-vscode (0.1.1)
      serverkit
    sfl (2.3)
    slop (3.6.0)
    specinfra (2.83.0)
      net-scp
      net-ssh (>= 2.7)
      net-telnet (= 0.1.1)
      sfl
    tzinfo (2.0.4)
      concurrent-ruby (~> 1.0)
    unix-crypt (1.3.0)
    zeitwerk (2.5.1)

PLATFORMS
  ruby

DEPENDENCIES
  serverkit
  serverkit-atom
  serverkit-defaults
  serverkit-homebrew
  serverkit-rbenv
  serverkit-vscode

BUNDLED WITH
   2.1.4
