GEM
  remote: https://rubygems.org/
  specs:
    activemodel (8.0.2)
      activesupport (= 8.0.2)
    activesupport (8.0.2)
      base64
      benchmark (>= 0.3)
      bigdecimal
      concurrent-ruby (~> 1.0, >= 1.3.1)
      connection_pool (>= 2.2.5)
      drb
      i18n (>= 1.6, < 2)
      logger (>= 1.4.2)
      minitest (>= 5.1)
      securerandom (>= 0.3)
      tzinfo (~> 2.0, >= 2.0.5)
      uri (>= 0.13.1)
    base64 (0.3.0)
    benchmark (0.4.1)
    bigdecimal (3.2.2)
    concurrent-ruby (1.3.5)
    connection_pool (2.5.3)
    drb (2.2.3)
    hashie (5.0.0)
    highline (3.1.2)
      reline
    i18n (1.14.7)
      concurrent-ruby (~> 1.0)
    io-console (0.8.1)
    logger (1.7.0)
    minitest (5.25.5)
    net-scp (4.1.0)
      net-ssh (>= 2.6.5, < 8.0.0)
    net-ssh (7.3.0)
    net-telnet (0.2.0)
    rainbow (3.1.1)
    reline (0.6.1)
      io-console (~> 0.5)
    securerandom (0.4.1)
    serverkit (1.0.0)
      activemodel
      activesupport (>= 5.0.0)
      bundler
      hashie
      highline
      rainbow
      slop (~> 3.4)
      specinfra (>= 2.31.0)
      unix-crypt
    serverkit-homebrew (0.0.6)
      serverkit
    serverkit-mise (0.3.0)
      serverkit (>= 1.0.0)
    serverkit-vscode (1.0.0)
      serverkit
    sfl (2.3)
    slop (3.6.0)
    specinfra (2.94.0)
      base64
      net-scp
      net-ssh (>= 2.7)
      net-telnet
      sfl
    tzinfo (2.0.6)
      concurrent-ruby (~> 1.0)
    unix-crypt (1.3.1)
    uri (1.0.3)

PLATFORMS
  arm64-darwin-24
  ruby

DEPENDENCIES
  serverkit
  serverkit-homebrew
  serverkit-mise
  serverkit-vscode

BUNDLED WITH
   2.6.2
