GEM
  remote: https://rubygems.org/
  specs:
    activemodel (4.2.6)
      activesupport (= 4.2.6)
      builder (~> 3.1)
    activesupport (4.2.6)
      i18n (~> 0.7)
      json (~> 1.7, >= 1.7.7)
      minitest (~> 5.1)
      thread_safe (~> 0.3, >= 0.3.4)
      tzinfo (~> 1.1)
    builder (3.2.2)
    hashie (3.4.4)
    highline (1.7.8)
    i18n (0.7.0)
    json (1.8.3)
    minitest (5.9.0)
    net-scp (1.2.1)
      net-ssh (>= 2.6.5)
    net-ssh (3.1.1)
    net-telnet (0.1.1)
    rainbow (2.1.0)
    serverkit (0.6.7)
      activemodel
      activesupport
      bundler
      hashie
      highline
      rainbow
      slop (~> 3.4)
      specinfra (>= 2.31.0)
      unix-crypt
    serverkit-atom (0.0.1)
      serverkit
    serverkit-homebrew (0.0.5)
      serverkit
    serverkit-rbenv (0.3.2)
      serverkit (>= 0.6.2)
      specinfra (>= 2.31.1)
    sfl (2.2)
    slop (3.6.0)
    specinfra (2.57.2)
      net-scp
      net-ssh (>= 2.7, < 4.0)
      net-telnet
      sfl
    thread_safe (0.3.5)
    tzinfo (1.2.2)
      thread_safe (~> 0.1)
    unix-crypt (1.3.0)

PLATFORMS
  ruby

DEPENDENCIES
  serverkit
  serverkit-atom
  serverkit-homebrew
  serverkit-rbenv

BUNDLED WITH
   1.11.2
