GEM
  remote: https://rubygems.org/
  specs:
    activemodel (7.0.3.1)
      activesupport (= 7.0.3.1)
    activesupport (7.0.3.1)
      concurrent-ruby (~> 1.0, >= 1.0.2)
      i18n (>= 1.6, < 2)
      minitest (>= 5.1)
      tzinfo (~> 2.0)
    concurrent-ruby (1.1.10)
    hashie (5.0.0)
    highline (2.0.3)
    i18n (1.12.0)
      concurrent-ruby (~> 1.0)
    minitest (5.16.2)
    net-scp (1.2.1)
      net-ssh (>= 2.6.5)
    net-ssh (7.0.1)
    net-telnet (0.1.1)
    plist (3.6.0)
    rainbow (3.1.1)
    serverkit (0.7.0)
      activemodel
      activesupport (>= 5.0.0)
      bundler
      hashie
      highline
      rainbow
      slop (~> 3.4)
      specinfra (>= 2.31.0)
      unix-crypt
    serverkit-defaults (0.0.3)
      plist
      serverkit
    serverkit-homebrew (0.0.6)
      serverkit
    serverkit-rbenv (0.3.3)
      serverkit (>= 0.6.2)
      specinfra (>= 2.31.1)
    serverkit-vscode (0.1.1)
      serverkit
    sfl (2.3)
    slop (3.6.0)
    specinfra (2.83.3)
      net-scp
      net-ssh (>= 2.7)
      net-telnet (= 0.1.1)
      sfl
    tzinfo (2.0.5)
      concurrent-ruby (~> 1.0)
    unix-crypt (1.3.0)

PLATFORMS
  arm64-darwin-21
  x86_64-darwin-21
  x86_64-linux

DEPENDENCIES
  serverkit
  serverkit-defaults
  serverkit-homebrew
  serverkit-rbenv
  serverkit-vscode

BUNDLED WITH
   2.3.7
